PATH
  remote: .
  specs:
    rulers (0.0.1)
      rack

GEM
  remote: https://rubygems.org/
  specs:
    minitest (5.17.0)
    rack (3.0.4.1)
    rack-test (2.0.2)
      rack (>= 1.3)
    rake (12.3.3)

PLATFORMS
  ruby

DEPENDENCIES
  minitest
  rack-test
  rake (~> 12.0)
  rulers!

BUNDLED WITH
   2.1.4
